GIT
  remote: git://github.com/jnunemaker/mongomapper.git
  revision: 347f2ae95f0d10b7d99907029666f735317bc206
  specs:
    mongo_mapper (0.9.0)
      activemodel (~> 3.0)
      activesupport (~> 3.0)
      plucky (~> 0.3.8)

GEM
  remote: http://rubygems.org/
  specs:
    POpen4 (0.1.4)
      Platform (>= 0.4.0)
      open4
    Platform (0.4.0)
    RedCloth (4.2.7)
    SystemTimer (1.2.3)
    activemodel (3.0.7)
      activesupport (= 3.0.7)
      builder (~> 2.1.2)
      i18n (~> 0.5.0)
    activesupport (3.0.7)
    bson (1.3.0)
    bson_ext (1.3.0)
    builder (2.1.2)
    daemons (1.1.3)
    diff-lcs (1.1.2)
    disqus (1.0.4)
      json
    eventmachine (0.12.10)
    git (1.2.5)
    haml (3.1.1)
    http_router (0.5.4)
      rack (>= 1.0.0)
      url_mount (~> 0.2.1)
    i18n (0.5.0)
    json (1.5.1)
    mail (2.3.0)
      i18n (>= 0.4.0)
      mime-types (~> 1.16)
      treetop (~> 1.4.8)
    mime-types (1.16)
    mongo (1.3.0)
      bson (>= 1.3.0)
    open4 (1.0.1)
    padrino (0.9.23)
      padrino-admin (= 0.9.23)
      padrino-cache (= 0.9.23)
      padrino-core (= 0.9.23)
      padrino-gen (= 0.9.23)
      padrino-helpers (= 0.9.23)
      padrino-mailer (= 0.9.23)
    padrino-admin (0.9.23)
      padrino-core (= 0.9.23)
      padrino-helpers (= 0.9.23)
    padrino-cache (0.9.23)
      padrino-core (= 0.9.23)
    padrino-contrib (0.0.6)
    padrino-core (0.9.23)
      activesupport (>= 3.0.0)
      http_router (~> 0.5.4)
      sinatra (~> 1.2.0)
      thor (>= 0.14.3)
      tzinfo
    padrino-gen (0.9.23)
      bundler (>= 1.0.2)
      git
      padrino-core (= 0.9.23)
    padrino-helpers (0.9.23)
      i18n (>= 0.4.1)
      padrino-core (= 0.9.23)
    padrino-mailer (0.9.23)
      mail (>= 2.2.0)
      padrino-core (= 0.9.23)
    pdfkit (0.5.0)
    plucky (0.3.8)
      mongo (~> 1.3)
    polyglot (0.3.1)
    popen4 (0.1.2)
      Platform (>= 0.4.0)
      open4 (>= 0.4.0)
    rack (1.2.2)
    rack-flash (0.1.1)
      rack
    rack-test (0.6.0)
      rack (>= 1.0)
    rdoc (3.5.3)
    rspec (2.5.0)
      rspec-core (~> 2.5.0)
      rspec-expectations (~> 2.5.0)
      rspec-mocks (~> 2.5.0)
    rspec-core (2.5.2)
    rspec-expectations (2.5.0)
      diff-lcs (~> 1.1.2)
    rspec-mocks (2.5.0)
    sinatra (1.2.6)
      rack (~> 1.1)
      tilt (< 2.0, >= 1.2.2)
    thin (1.2.11)
      daemons (>= 1.0.9)
      eventmachine (>= 0.12.6)
      rack (>= 1.0.0)
    thor (0.14.6)
    tilt (1.3)
    treetop (1.4.9)
      polyglot (>= 0.3.1)
    tzinfo (0.3.27)
    url_mount (0.2.1)
      rack
    yui-compressor (0.9.6)
      POpen4 (>= 0.1.4)

PLATFORMS
  ruby

DEPENDENCIES
  RedCloth
  SystemTimer
  bson_ext (>= 1.2.0)
  diff-lcs
  disqus
  haml
  mongo_mapper!
  padrino (= 0.9.23)
  padrino-contrib (= 0.0.6)
  pdfkit
  popen4
  rack-flash
  rack-test
  rdoc
  rspec
  thin
  yui-compressor
